GEM
  remote: https://rubygems.org/
  specs:
    concurrent-ruby (1.0.2)
    hamster (3.0.0)
      concurrent-ruby (~> 1.0)
    json (2.0.2)
    libxml-ruby (2.9.0)
    link_header (0.0.8)
    rdf (2.1.0)
      hamster (~> 3.0)
      link_header (~> 0.0, >= 0.0.8)
    rdf-vocab (2.1.0)
      rdf (~> 2.1)

PLATFORMS
  ruby

DEPENDENCIES
  json
  libxml-ruby
  rdf
  rdf-vocab

BUNDLED WITH
   1.11.2
